GEM
  remote: http://rubygems.org/
  specs:
    json (1.5.1)
    mocha (0.9.10)
      rake
    rake (0.8.7)

PLATFORMS
  ruby

DEPENDENCIES
  json
  mocha
